GEM
  remote: https://rubygems.org/
  specs:
    commander (4.4.3)
      highline (~> 1.7.2)
    elm_install (0.3.1)
      commander (~> 4.4, >= 4.4.2)
      git (~> 1.3)
      git_clone_url (~> 2.0)
      hashdiff (~> 0.3.1)
      indentation (~> 0.1.1)
      smart_colored (~> 1.1, >= 1.1.1)
      solve (~> 3.1)
    git (1.3.0)
    git_clone_url (2.0.0)
      uri-ssh_git (>= 2.0)
    hashdiff (0.3.2)
    highline (1.7.8)
    indentation (0.1.1)
    molinillo (0.5.5)
    semverse (2.0.0)
    smart_colored (1.1.1)
    solve (3.1.0)
      molinillo (>= 0.5)
      semverse (>= 1.1, < 3.0)
    uri-ssh_git (2.0.0)

PLATFORMS
  ruby

DEPENDENCIES
  elm_install

RUBY VERSION
   ruby 2.2.2p95

BUNDLED WITH
   1.13.7
